GIT
  remote: https://github.com/NeverBounce/NeverBounceApi-Ruby.git
  revision: f7ecf950759aa61b818089cd1a1554bb93cb3851
  specs:
    neverbounce-api (1.0.0)
      httparty (~> 0.15)

PATH
  remote: .
  specs:
    neverbounce-cli (1.0.0)
      neverbounce-api (~> 1.0.0)
      terminal-table (~> 1.8.0)

GEM
  remote: https://rubygems.org/
  specs:
    diff-lcs (1.3)
    httparty (0.15.6)
      multi_xml (>= 0.5.2)
    multi_xml (0.6.0)
    redcarpet (3.4.0)
    rspec (3.6.0)
      rspec-core (~> 3.6.0)
      rspec-expectations (~> 3.6.0)
      rspec-mocks (~> 3.6.0)
    rspec-core (3.6.0)
      rspec-support (~> 3.6.0)
    rspec-expectations (3.6.0)
      diff-lcs (>= 1.2.0, < 2.0)
      rspec-support (~> 3.6.0)
    rspec-mocks (3.6.0)
      diff-lcs (>= 1.2.0, < 2.0)
      rspec-support (~> 3.6.0)
    rspec-support (3.6.0)
    terminal-table (1.8.0)
      unicode-display_width (~> 1.1, >= 1.1.1)
    unicode-display_width (1.3.0)
    yard (0.9.9)

PLATFORMS
  ruby

DEPENDENCIES
  neverbounce-api!
  neverbounce-cli!
  redcarpet
  rspec
  yard

BUNDLED WITH
   1.15.3
